PATH
  remote: .
  specs:
    itt (0.1.3)

GEM
  specs:
    rake (10.4.2)

PLATFORMS
  ruby

DEPENDENCIES
  itt!
  rake
