PATH
  remote: .
  specs:
    itt (0.1.3)

GEM
  remote: https://rubygems.org/
  specs:
    minitest (5.8.0)
    rake (10.4.2)

PLATFORMS
  ruby

DEPENDENCIES
  itt!
  minitest
  rake
